GEM
  remote: https://rubygems.org/
  specs:
    commander (4.5.2)
      highline (~> 2.0.0)
    dotenv (2.7.6)
    highline (2.0.3)
    httparty (0.18.1)
      mime-types (~> 3.0)
      multi_xml (>= 0.5.2)
    json (2.3.1)
    jwt (2.2.2)
    mime-types (3.3.1)
      mime-types-data (~> 3.2015)
    mime-types-data (3.2020.0512)
    multi_xml (0.6.0)
    zoom_rb (0.10.0)
      httparty (~> 0.13)
      json (>= 1.8)
      jwt

PLATFORMS
  ruby

DEPENDENCIES
  commander
  dotenv
  zoom_rb

BUNDLED WITH
   2.1.4
